GIT
  remote: /Users/rklancer/dev/capybara-testrunner
  revision: 3f537eff256e849bea700701efa1b2a05b3b3851
  branch: gem
  specs:
    sc-testdriver (0.1.1)
      capybara
      daemon_controller
      selenium-client

GEM
  remote: http://rubygems.org/
  specs:
    abstract (1.0.0)
    capybara (0.4.1.2)
      celerity (>= 0.7.9)
      culerity (>= 0.2.4)
      mime-types (>= 1.16)
      nokogiri (>= 1.3.3)
      rack (>= 1.0.0)
      rack-test (>= 0.5.4)
      selenium-webdriver (>= 0.0.27)
      xpath (~> 0.1.3)
    celerity (0.8.8)
    childprocess (0.1.8)
      ffi (~> 1.0.6)
    chunky_png (0.12.0)
    compass (0.10.6)
      haml (>= 3.0.4)
    culerity (0.2.15)
    daemon_controller (0.2.6)
    daemons (1.1.0)
    erubis (2.6.6)
      abstract (>= 1.0.0)
    eventmachine (0.12.10)
    extlib (0.9.15)
    ffi (1.0.7)
      rake (>= 0.8.7)
    haml (3.0.25)
    json_pure (1.4.6)
    mime-types (1.16)
    nokogiri (1.4.4)
    rack (1.2.2)
    rack-test (0.5.7)
      rack (>= 1.0)
    rake (0.8.7)
    rubyzip (0.9.4)
    selenium-client (1.2.18)
    selenium-webdriver (0.1.4)
      childprocess (>= 0.1.7)
      ffi (>= 1.0.7)
      json_pure
      rubyzip
    sproutcore (1.5.0.pre.5)
      chunky_png (~> 0.12.0)
      compass (~> 0.10.5)
      erubis (~> 2.6.6)
      eventmachine (>= 0.12.10)
      extlib (~> 0.9.15)
      haml (~> 3.0.24)
      json_pure (~> 1.4.6)
      rack (~> 1.2.1)
      thin (~> 1.2.7)
      thor (~> 0.14.3)
    thin (1.2.8)
      daemons (>= 1.0.9)
      eventmachine (>= 0.12.6)
      rack (>= 1.0.0)
    thor (0.14.6)
    xpath (0.1.3)
      nokogiri (~> 1.3)

PLATFORMS
  ruby

DEPENDENCIES
  sc-testdriver!
  sproutcore (>= 1.5.0.pre.5)
